PATH
  remote: .
  specs:
    airhelp (0.0.2)
      activemodel (~> 4.2)
      bundler (>= 1.10.0, < 2.0)
      thor (~> 0.19)

GEM
  remote: https://rubygems.org/
  specs:
    activemodel (4.2.4)
      activesupport (= 4.2.4)
      builder (~> 3.1)
    activesupport (4.2.4)
      i18n (~> 0.7)
      json (~> 1.7, >= 1.7.7)
      minitest (~> 5.1)
      thread_safe (~> 0.3, >= 0.3.4)
      tzinfo (~> 1.1)
    builder (3.2.2)
    i18n (0.7.0)
    json (1.8.3)
    minitest (5.8.2)
    thor (0.19.1)
    thread_safe (0.3.5)
    tzinfo (1.2.2)
      thread_safe (~> 0.1)

PLATFORMS
  ruby

DEPENDENCIES
  airhelp!

BUNDLED WITH
   1.10.6
